GEM
  remote: https://rubygems.org/
  specs:
    datadog_api_client (1.8.0)
      typhoeus (~> 1.0, >= 1.0.1)
    ethon (0.15.0)
      ffi (>= 1.15.0)
    ffi (1.15.5)
    typhoeus (1.4.0)
      ethon (>= 0.9.0)

PLATFORMS
  ruby

DEPENDENCIES
  datadog_api_client

BUNDLED WITH
   2.3.11
